GEM
  remote: htps://rubygems.org/
  specs:
    artii (2.0.4)
    curses (1.0.1)
    terminal-table (1.4.5)

PLATFORMS
  ruby

DEPENDENCIES
  artii
  curses
  terminal-table
